NUGET
  remote: http://www.nuget.org/api/v2
  specs:
    FAKE (4.4.5)
    FSharp.Compiler.Service (0.0.90)
    FSharp.Formatting (2.11.0)
      FSharp.Compiler.Service (>= 0.0.90 <= 1.3)
      FSharpVSPowerTools.Core (1.9.0)
    FSharpVSPowerTools.Core (1.9.0)
      FSharp.Compiler.Service (>= 0.0.90)
    MathNet.Numerics (3.8.0)
      TaskParallelLibrary (>= 1.0.2856.0) - framework: net35
    NuGet.CommandLine (2.8.6)
    NUnit (2.6.4)
    NUnit.Runners (2.6.4)
    StyleCop.MSBuild (4.7.49.1)
    TaskParallelLibrary (1.0.2856) - framework: net35
